GIT
  remote: https://github.com/dlhaines/google_groups_gem.git
  revision: e7d2a515aa07b9c208f910a666c9878bb18632c6
  branch: TLCPM-343
  specs:
    ggb (0.2.0)
      google-api-client
      googleauth
      httpclient (= 2.8.0)
      jruby-openssl (>= 0.9.17)

GEM
  remote: https://rubygems.org/
  specs:
    activesupport (4.2.5)
      i18n (~> 0.7)
      json (~> 1.7, >= 1.7.7)
      minitest (~> 5.1)
      thread_safe (~> 0.3, >= 0.3.4)
      tzinfo (~> 1.1)
    addressable (2.4.0)
    ansi (1.5.0)
    backports (3.6.8)
    builder (3.2.2)
    crack (0.4.3)
      safe_yaml (~> 1.0.0)
    faraday (0.9.2)
      multipart-post (>= 1.2, < 3)
    google-api-client (0.9.11)
      addressable (~> 2.3)
      googleauth (~> 0.5)
      httpclient (~> 2.7)
      hurley (~> 0.1)
      memoist (~> 0.11)
      mime-types (>= 1.6)
      representable (~> 2.3.0)
      retriable (~> 2.0)
      thor (~> 0.19)
    googleauth (0.5.1)
      faraday (~> 0.9)
      jwt (~> 1.4)
      logging (~> 2.0)
      memoist (~> 0.12)
      multi_json (~> 1.11)
      os (~> 0.9)
      signet (~> 0.7)
    hashdiff (0.3.0)
    httpclient (2.8.0)
    hurley (0.2)
    i18n (0.7.0)
    jruby-jars (9.1.2.0)
    jruby-openssl (0.9.17-java)
    jruby-rack (1.1.20)
    json (1.8.3-java)
    jwt (1.5.4)
    little-plugger (1.1.4)
    logging (2.1.0)
      little-plugger (~> 1.1)
      multi_json (~> 1.10)
    memoist (0.14.0)
    mime-types (3.1)
      mime-types-data (~> 3.2015)
    mime-types-data (3.2016.0521)
    minitest (5.9.0)
    minitest-reporters (1.1.11)
      ansi
      builder
      minitest (>= 5.0)
      ruby-progressbar
    multi_json (1.12.1)
    multipart-post (2.0.0)
    os (0.9.6)
    rack (1.6.4)
    rack-conneg (0.1.5)
      rack (>= 1.0)
    rack-protection (1.5.3)
      rack
    rack-rest_api_versioning (0.0.2)
      rack
    rack-test (0.6.3)
      rack (>= 1.0)
    rake (11.2.2)
    representable (2.3.0)
      uber (~> 0.0.7)
    retriable (2.1.0)
    ruby-progressbar (1.8.1)
    rubyzip (1.2.0)
    safe_yaml (1.0.4)
    shoulda (3.5.0)
      shoulda-context (~> 1.0, >= 1.0.1)
      shoulda-matchers (>= 1.4.1, < 3.0)
    shoulda-context (1.2.1)
    shoulda-matchers (2.8.0)
      activesupport (>= 3.0.0)
    signet (0.7.3)
      addressable (~> 2.3)
      faraday (~> 0.9)
      jwt (~> 1.5)
      multi_json (~> 1.10)
    sinatra (1.4.7)
      rack (~> 1.5)
      rack-protection (~> 1.4)
      tilt (>= 1.3, < 3)
    sinatra-contrib (1.4.7)
      backports (>= 2.0)
      multi_json
      rack-protection
      rack-test
      sinatra (~> 1.4.0)
      tilt (>= 1.3, < 3)
    thor (0.19.1)
    thread_safe (0.3.5-java)
    tilt (2.0.5)
    tzinfo (1.2.2)
      thread_safe (~> 0.1)
    uber (0.0.15)
    warbler (2.0.3)
      jruby-jars (>= 9.0.0.0)
      jruby-rack (>= 1.1.1, < 1.3)
      rake (>= 10.1.0)
      rubyzip (~> 1.0, < 1.4)
    webmock (2.1.0)
      addressable (>= 2.3.6)
      crack (>= 0.3.2)
      hashdiff

PLATFORMS
  java

DEPENDENCIES
  activesupport (= 4.2.5)
  ggb!
  google-api-client
  minitest
  minitest-reporters
  rack-conneg (~> 0.1.5)
  rack-rest_api_versioning (~> 0.0.2)
  rack-test
  rake
  shoulda
  sinatra
  sinatra-contrib
  warbler
  webmock

BUNDLED WITH
   1.12.5
